GEM
  remote: http://rubygems.org/
  specs:
    colored (1.2)
    cri (2.3.0)
      colored (>= 1.2)
    ghp (0.0.8)
      ghp-bootstrap
      nanoc (~> 3.4.3)
      redcarpet
    ghp-bootstrap (0.0.4)
    nanoc (3.4.3)
      cri (~> 2.2)
    redcarpet (2.2.2)

PLATFORMS
  ruby

DEPENDENCIES
  ghp
